GIT
  remote: https://github.com/turboladen/upnp.git
  revision: 6d535f81b50b68f98b97578cb97f0acf3133884c
  specs:
    upnp (0.1.0)
      em-http-request (>= 1.0.2)
      em-synchrony
      eventmachine (>= 1.0.0)
      log_switch (>= 0.4.0)
      nori (>= 2.0.2)
      savon (~> 2.0)

PATH
  remote: ../..
  specs:
    hacky_hal (0.1.0)
      net-ssh (~> 2.6.0)
      serialport (~> 1.1.0)

GEM
  remote: https://rubygems.org/
  specs:
    addressable (2.3.5)
    akami (1.2.0)
      gyoku (>= 0.4.0)
      nokogiri (>= 1.4.0)
    builder (3.2.2)
    cookiejar (0.3.0)
    daemons (1.1.9)
    em-http-request (1.1.1)
      addressable (>= 2.3.4)
      cookiejar
      em-socksify (>= 0.3)
      eventmachine (>= 1.0.3)
      http_parser.rb (>= 0.6.0.beta.2)
    em-socksify (0.3.0)
      eventmachine (>= 1.0.0.beta.4)
    em-synchrony (1.0.3)
      eventmachine (>= 1.0.0.beta.1)
    eventmachine (1.0.3)
    gyoku (1.1.0)
      builder (>= 2.1.2)
    http_parser.rb (0.6.0.beta.2)
    httpi (2.1.0)
      rack
      rubyntlm (~> 0.3.2)
    log_switch (0.4.0)
    net-ssh (2.6.8)
    nokogiri (1.5.10)
    nori (2.3.0)
    rack (1.5.2)
    rack-protection (1.5.0)
      rack
    rubyntlm (0.3.4)
    savon (2.3.0)
      akami (~> 1.2.0)
      builder (>= 2.1.2)
      gyoku (~> 1.1.0)
      httpi (~> 2.1.0)
      nokogiri (>= 1.4.0, < 1.6)
      nori (~> 2.3.0)
      wasabi (~> 3.2.0)
    serialport (1.1.0)
    sinatra (1.4.3)
      rack (~> 1.4)
      rack-protection (~> 1.4)
      tilt (~> 1.3, >= 1.3.4)
    thin (1.5.1)
      daemons (>= 1.0.9)
      eventmachine (>= 0.12.6)
      rack (>= 1.0.0)
    tilt (1.4.1)
    wasabi (3.2.0)
      httpi (~> 2.0)
      nokogiri (>= 1.4.0, < 1.6)

PLATFORMS
  ruby

DEPENDENCIES
  hacky_hal!
  sinatra
  thin
  upnp!
